PATH
  remote: .
  specs:
    lighthouse-api (2.0.1)
      activeresource (>= 3.0.0)
      activesupport (>= 3.0.0)

GEM
  remote: http://rubygems.org/
  specs:
    activemodel (3.2.12)
      activesupport (= 3.2.12)
      builder (~> 3.0.0)
    activeresource (3.2.12)
      activemodel (= 3.2.12)
      activesupport (= 3.2.12)
    activesupport (3.2.12)
      i18n (~> 0.6)
      multi_json (~> 1.0)
    builder (3.0.4)
    i18n (0.6.1)
    multi_json (1.6.0)

PLATFORMS
  ruby

DEPENDENCIES
  lighthouse-api!
